GEM
  remote: https://rubygems.org/
  specs:
    caxlsx (3.1.0)
      htmlentities (~> 4.3, >= 4.3.4)
      marcel (~> 1.0)
      nokogiri (~> 1.10, >= 1.10.4)
      rubyzip (>= 1.3.0, < 3)
    htmlentities (4.3.4)
    marcel (1.0.1)
    mini_portile2 (2.6.1)
    mysql2 (0.5.3)
    nokogiri (1.12.4)
      mini_portile2 (~> 2.6.1)
      racc (~> 1.4)
    pg (1.2.3)
    racc (1.5.2)
    rubyzip (2.3.2)

PLATFORMS
  ruby

DEPENDENCIES
  caxlsx
  mysql2
  nokogiri
  pg

BUNDLED WITH
   1.17.2
